GEM
  remote: https://rubygems.org/
  specs:
    CFPropertyList (2.2.7)
    celluloid (0.12.4)
      facter (>= 1.6.12)
      timers (>= 1.0.0)
    cool.io (1.2.3)
    dummer (0.3.5)
      fluent-logger
      serverengine
      thor
    facter (2.0.1)
      CFPropertyList (~> 2.2.6)
    fluent-logger (0.4.9)
      msgpack (>= 0.4.4, < 0.6.0, != 0.5.3, != 0.5.2, != 0.5.1, != 0.5.0)
      yajl-ruby (~> 1.0)
    fluent-plugin-datacounter (0.4.3)
      fluentd
    fluent-plugin-debug (0.0.1)
      fluentd (~> 0.10.17)
    fluent-plugin-flowcounter-simple (0.0.3)
      fluentd
    fluent-plugin-norikra (0.2.0)
      fluentd
      norikra-client (>= 0.0.7)
    fluent-plugin-parser (0.3.4)
      fluentd
    fluent-plugin-record-reformer (0.2.8)
      fluentd (~> 0.10.17)
    fluent-plugin-stdout_ex (0.0.1)
      fluentd
    fluentd (0.10.46)
      cool.io (>= 1.1.1, < 2.0.0, != 1.2.0)
      http_parser.rb (>= 0.5.1, < 0.7.0)
      json (>= 1.4.3)
      msgpack (>= 0.4.4, < 0.6.0, != 0.5.3, != 0.5.2, != 0.5.1, != 0.5.0)
      sigdump (~> 0.2.2)
      yajl-ruby (~> 1.0)
    hitimes (1.2.1)
    http_parser.rb (0.6.0)
    httpclient (2.3.4.1)
    json (1.8.1)
    ltsv (0.1.0)
    msgpack (0.5.8)
    msgpack-rpc-over-http (0.0.6)
      celluloid (~> 0.12.3)
      httpclient
      msgpack (~> 0.5.5)
      rack
    norikra-client (0.1.5)
      ltsv
      msgpack-rpc-over-http (>= 0.0.6)
      thor
    rack (1.5.2)
    serverengine (1.5.7)
      sigdump (~> 0.2.2)
    sigdump (0.2.2)
    thor (0.19.1)
    timers (2.0.0)
      hitimes
    yajl-ruby (1.2.0)

PLATFORMS
  ruby

DEPENDENCIES
  dummer
  fluent-plugin-datacounter
  fluent-plugin-debug
  fluent-plugin-flowcounter-simple
  fluent-plugin-norikra
  fluent-plugin-parser
  fluent-plugin-record-reformer
  fluent-plugin-stdout_ex
  fluentd
  norikra-client
